GEM
  remote: https://rubygems.org/
  specs:
    minitest (5.10.1)
    rake (12.0.0)
    rugged (0.25.1)

PLATFORMS
  ruby

DEPENDENCIES
  minitest (~> 5.10)
  rake (~> 12.0)
  rugged (~> 0.25)

BUNDLED WITH
   1.13.7
