GEM
  remote: https://rubygems.org/
  specs:
    addressable (2.5.2)
      public_suffix (>= 2.0.2, < 4.0)
    amq-protocol (2.2.0)
    bson (4.2.2)
    bunny (2.8.0)
      amq-protocol (>= 2.2.0)
    daemons (1.2.5)
    eventmachine (1.2.5)
    faraday (0.13.1)
      multipart-post (>= 1.2, < 3)
    json (2.1.0)
    minitest (5.10.3)
    mongo (2.4.3)
      bson (>= 4.2.1, < 5.0.0)
    msgpack (1.2.0)
    multipart-post (2.0.0)
    mustache (1.0.5)
    octokit (4.7.0)
      sawyer (~> 0.8.0, >= 0.5.3)
    public_suffix (3.0.1)
    rack (1.6.8)
    rack-protection (1.5.3)
      rack
    rake (12.3.0)
    redis (3.3.5)
    rugged (0.26.0)
    sawyer (0.8.1)
      addressable (>= 2.3.5, < 2.6)
      faraday (~> 0.8, < 1.0)
    sinatra (1.4.8)
      rack (~> 1.5)
      rack-protection (~> 1.4)
      tilt (>= 1.3, < 3)
    thin (1.7.2)
      daemons (~> 1.0, >= 1.0.9)
      eventmachine (~> 1.0, >= 1.0.4)
      rack (>= 1, < 3)
    tilt (2.0.8)

PLATFORMS
  ruby

DEPENDENCIES
  bunny (~> 2.6)
  json (~> 2.0)
  minitest (~> 5.10)
  mongo (~> 2.4)
  msgpack (~> 1.1)
  mustache (~> 1.0)
  octokit (~> 4.6)
  rake (~> 12.0)
  redis (~> 3.3)
  rugged (~> 0.25)
  sinatra (~> 1.4)
  thin (~> 1.7)

BUNDLED WITH
   1.16.0
